GEM
  remote: https://rubygems.org/
  specs:
    builder (3.1.4)
    colored (1.2)
    cri (2.3.0)
      colored (>= 1.2)
    kramdown (0.14.2)
    listen (0.7.2)
    mime-types (1.20.1)
    nanoc (3.5.0)
      cri (~> 2.2)
    rack (1.5.2)
    rb-fsevent (0.9.3)

PLATFORMS
  ruby

DEPENDENCIES
  builder
  kramdown
  listen
  mime-types
  nanoc
  rack
  rb-fsevent
